GEM
  remote: https://rubygems.org/
  specs:
    activesupport (4.0.1)
      i18n (~> 0.6, >= 0.6.4)
      minitest (~> 4.2)
      multi_json (~> 1.3)
      thread_safe (~> 0.1)
      tzinfo (~> 0.3.37)
    addressable (2.3.5)
    atomic (1.1.14)
    bourne (1.5.0)
      mocha (>= 0.13.2, < 0.15)
    crack (0.4.1)
      safe_yaml (~> 0.9.0)
    httparty (0.12.0)
      json (~> 1.8)
      multi_xml (>= 0.5.2)
    i18n (0.6.5)
    json (1.8.1)
    metaclass (0.0.1)
    minitest (4.7.5)
    mocha (0.14.0)
      metaclass (~> 0.0.1)
    multi_json (1.8.2)
    multi_xml (0.5.5)
    rake (10.1.0)
    ruby-graphviz (1.0.9)
    safe_yaml (0.9.7)
    thor (0.18.1)
    thread_safe (0.1.3)
      atomic
    timecop (0.6.3)
    tzinfo (0.3.38)
    webmock (1.15.2)
      addressable (>= 2.2.7)
      crack (>= 0.3.2)

PLATFORMS
  ruby

DEPENDENCIES
  activesupport (~> 4.0.1)
  bourne (~> 1.5.0)
  httparty (~> 0.12.0)
  mocha (~> 0.14.0)
  rake
  ruby-graphviz (= 1.0.9)
  thor (~> 0.18.1)
  timecop (~> 0.6.3)
  webmock (~> 1.15.2)
